PATH
  remote: .
  specs:
    rubyrpctest (0.1.0)
      bitcoinrb (>= 0.7.0)
      ecdsa

GEM
  remote: https://rubygems.org/
  specs:
    activesupport (6.1.3.1)
      concurrent-ruby (~> 1.0, >= 1.0.2)
      i18n (>= 1.6, < 2)
      minitest (>= 5.1)
      tzinfo (~> 2.0)
      zeitwerk (~> 2.3)
    base32 (0.3.4)
    bech32 (1.1.0)
    bip-schnorr (0.3.2)
      ecdsa (~> 1.2.0)
    bitcoinrb (0.7.0)
      base32 (>= 0.3.4)
      bech32 (~> 1.1.0)
      bip-schnorr (>= 0.3.2)
      daemon-spawn
      ecdsa
      eventmachine
      eventmachine_httpserver
      ffi
      iniparse
      json_pure (>= 2.3.1)
      leb128 (~> 1.0.0)
      murmurhash3
      protobuf (= 3.8.5)
      siphash
      thor
    concurrent-ruby (1.1.8)
    daemon-spawn (0.4.2)
    ecdsa (1.2.0)
    eventmachine (1.2.7)
    eventmachine_httpserver (0.2.1)
    ffi (1.15.0)
    i18n (1.8.10)
      concurrent-ruby (~> 1.0)
    iniparse (1.5.0)
    json-canonicalization (0.2.1)
    json_pure (2.5.1)
    leb128 (1.0.0)
    middleware (0.1.0)
    minitest (5.14.4)
    murmurhash3 (0.1.6)
    protobuf (3.8.5)
      activesupport (>= 3.2)
      middleware
      thor
      thread_safe
    rake (13.0.3)
    siphash (0.0.1)
    thor (1.1.0)
    thread_safe (0.3.6)
    tzinfo (2.0.4)
      concurrent-ruby (~> 1.0)
    zeitwerk (2.4.2)

PLATFORMS
  x86_64-darwin-19

DEPENDENCIES
  json-canonicalization (~> 0.2.1)
  rake (~> 13.0)
  rubyrpctest!

BUNDLED WITH
   2.2.15
